PATH
  remote: .
  specs:
    credify (0.2.0)

GEM
  remote: https://rubygems.org/
  specs:
    diff-lcs (1.4.4)
    ed25519 (1.2.4)
    openssl-oaep (0.1.0)
    openssl_pkcs8_pure (0.0.0.2)
    rake (12.3.3)
    rspec (3.10.0)
      rspec-core (~> 3.10.0)
      rspec-expectations (~> 3.10.0)
      rspec-mocks (~> 3.10.0)
    rspec-core (3.10.1)
      rspec-support (~> 3.10.0)
    rspec-expectations (3.10.1)
      diff-lcs (>= 1.2.0, < 2.0)
      rspec-support (~> 3.10.0)
    rspec-mocks (3.10.2)
      diff-lcs (>= 1.2.0, < 2.0)
      rspec-support (~> 3.10.0)
    rspec-support (3.10.2)

PLATFORMS
  ruby

DEPENDENCIES
  credify!
  ed25519
  openssl-oaep
  openssl_pkcs8_pure
  rake (~> 12.0)
  rspec (~> 3.0)

BUNDLED WITH
   2.1.4
